GEM
  remote: https://rubygems.org/
  specs:
    allison (2.0.3)
    echoe (4.6.6)
      allison (>= 2.0.3)
      rake (>= 0.9.2)
      rdoc (>= 2.5.11)
      rubyforge (>= 2.0.4)
    json (1.8.3)
    json_pure (2.0.2)
    multi_json (1.12.1)
    power_assert (0.3.0)
    rake (11.2.2)
    rdoc (4.2.2)
      json (~> 1.4)
    rubyforge (2.0.4)
      json_pure (>= 1.1.7)
    snappy (0.0.15)
    test-unit (3.2.1)
      power_assert

PLATFORMS
  ruby

DEPENDENCIES
  echoe
  multi_json
  rake
  snappy
  test-unit

BUNDLED WITH
   1.13.0
